GIT
  remote: git://github.com/markijbema/ohm.git
  revision: 96b09f0f58729ff258310a59ebf909e65fd2e99b
  specs:
    ohm (0.2.0)
      nest (~> 1.0)

GEM
  remote: http://rubygems.org/
  specs:
    daemons (1.1.4)
    diff-lcs (1.1.3)
    eventmachine (0.12.10)
    libxml-ruby (2.2.2)
    nest (1.1.0)
      redis (~> 2.1)
    ohm-contrib (0.1.1)
      ohm
    rack (1.3.5)
    rack-protection (1.1.4)
      rack
    rack-test (0.6.1)
      rack (>= 1.0)
    ratom (0.6.10)
      libxml-ruby (>= 1.1.2)
    redis (2.2.2)
    rspec (2.7.0)
      rspec-core (~> 2.7.0)
      rspec-expectations (~> 2.7.0)
      rspec-mocks (~> 2.7.0)
    rspec-core (2.7.1)
    rspec-expectations (2.7.0)
      diff-lcs (~> 1.1.2)
    rspec-mocks (2.7.0)
    shotgun (0.9)
      rack (>= 1.0)
    sinatra (1.3.1)
      rack (~> 1.3, >= 1.3.4)
      rack-protection (~> 1.1, >= 1.1.2)
      tilt (~> 1.3, >= 1.3.3)
    thin (1.2.11)
      daemons (>= 1.0.9)
      eventmachine (>= 0.12.6)
      rack (>= 1.0.0)
    tilt (1.3.3)

PLATFORMS
  ruby

DEPENDENCIES
  ohm!
  ohm-contrib
  rack-test
  ratom
  rspec
  shotgun
  sinatra
  thin
